GEM
  remote: https://rubygems.org/
  specs:
    dotenv (2.1.0)
    faraday (0.8.4)
      multipart-post (~> 1.1)
    httpauth (0.2.0)
    json (1.8.3)
    jwt (0.1.7)
      multi_json (>= 1.5)
    mail (2.6.3)
      mime-types (>= 1.16, < 3)
    mime-types (2.99)
    multi_json (1.5.0)
    multi_xml (0.5.1)
    multipart-post (1.1.5)
    oauth2 (0.9.1)
      faraday (~> 0.8)
      httpauth (~> 0.1)
      jwt (~> 0.1.4)
      multi_json (~> 1.0)
      multi_xml (~> 0.5)
      rack (~> 1.2)
    rack (1.4.3)
    rack-protection (1.2.0)
      rack
    sinatra (1.3.3)
      rack (~> 1.3, >= 1.3.6)
      rack-protection (~> 1.2)
      tilt (~> 1.3, >= 1.3.3)
    tilt (1.3.3)

PLATFORMS
  ruby

DEPENDENCIES
  dotenv
  json
  mail
  oauth2
  sinatra

BUNDLED WITH
   1.11.2
